GEM
  remote: https://rubygems.org/
  specs:
    cinch (2.0.11)
    sqlite3 (1.3.8)

PLATFORMS
  ruby

DEPENDENCIES
  cinch
  sqlite3
